GEM
  remote: https://rubygems.org/
  specs:
    pg (1.2.3)

PLATFORMS
  x86_64-darwin-18

DEPENDENCIES
  pg (~> 1.2, >= 1.2.3)

BUNDLED WITH
   2.2.30
